GEM
  specs:

PLATFORMS
  ruby

DEPENDENCIES
  jekyll (~> 4.3.2)

BUNDLED WITH
   2.4.22
